GEM
  remote: http://rubygems.org/
  specs:
    facter (1.6.10)
    puppet (2.7.18)
      facter (~> 1.5)
    puppet-lint (0.2.1)
    rake (0.8.7)

PLATFORMS
  ruby

DEPENDENCIES
  puppet
  puppet-lint
  rake
