GEM
  remote: https://rubygems.org/
  specs:
    grpc-tools (1.37.1)

PLATFORMS
  ruby
  x86_64-darwin-19

DEPENDENCIES
  grpc-tools

BUNDLED WITH
   2.1.4
