GEM
  remote: https://rubygems.org/
  specs:
    jruby-jars (1.7.22)
    jruby-rack (1.1.19)
    rack (1.5.2)
    rack-protection (1.5.3)
      rack
    rack-test (0.6.2)
      rack (>= 1.0)
    rake (10.4.2)
    rubyzip (1.1.7)
    sinatra (1.4.5)
      rack (~> 1.4)
      rack-protection (~> 1.4)
      tilt (~> 1.3, >= 1.3.4)
    tilt (1.4.1)
    warbler (1.4.9)
      jruby-jars (>= 1.5.6, < 2.0)
      jruby-rack (>= 1.1.1, < 1.3)
      rake (>= 0.9.6)
      rubyzip (>= 0.9, < 1.2)
    yard (0.8.7.6)

PLATFORMS
  java
  ruby

DEPENDENCIES
  rack-test
  sinatra
  warbler (>= 1.4.8)
  yard

BUNDLED WITH
   1.10.6
